GEM
  remote: https://rubygems.org/
  specs:
    docverter (0.0.7)
      rest-client (~> 1.6.7)
    mime-types (1.23)
    rest-client (1.6.7)
      mime-types (>= 1.16)

PLATFORMS
  ruby

DEPENDENCIES
  docverter
